PATH
  remote: .
  specs:
    epp-client (0.0.4)
      libxml-ruby

GEM
  remote: https://rubygems.org/
  specs:
    activesupport (3.2.13)
      i18n (= 0.6.1)
      multi_json (~> 1.0)
    bourne (1.4.0)
      mocha (~> 0.13.2)
    i18n (0.6.1)
    libxml-ruby (2.6.0)
    metaclass (0.0.1)
    mocha (0.13.3)
      metaclass (~> 0.0.1)
    multi_json (1.7.2)
    rake (0.9.6)
    redcarpet (2.2.2)
    shoulda (3.4.0)
      shoulda-context (~> 1.0, >= 1.0.1)
      shoulda-matchers (~> 1.0, >= 1.4.1)
    shoulda-context (1.1.0)
    shoulda-matchers (1.5.6)
      activesupport (>= 3.0.0)
      bourne (~> 1.3)
    yard (0.8.5.2)

PLATFORMS
  ruby

DEPENDENCIES
  epp-client!
  mocha
  rake
  redcarpet
  shoulda
  yard
